PATH
  remote: .
  specs:
    leeroy_app (0.4.0)
      awesome_print (~> 1.6)
      aws-sdk (~> 2)
      chronic (~> 0.10)
      dotenv (~> 2.1)
      gli (~> 2.13)
      hashie (~> 3.4)
      multi_json (~> 1.11)
      packer-client (~> 0.1.0)
      rugged (~> 0.23)
      s3_uploader (~> 0.2.3)
      smart_polling (~> 1.0)
      typesafe_enum (~> 0.1)
      yell (~> 2.0)
      yell-adapters-syslog (~> 2.0)

GEM
  remote: https://rubygems.org/
  specs:
    aruba (0.11.2)
      childprocess (~> 0.5.6)
      contracts (~> 0.9)
      cucumber (>= 1.3.19)
      event-bus (~> 0.2)
      ffi (~> 1.9.10)
      rspec-expectations (>= 2.99)
      thor (~> 0.19)
    awesome_print (1.7.0)
    aws-sdk (2.7.3)
      aws-sdk-resources (= 2.7.3)
    aws-sdk-core (2.7.3)
      aws-sigv4 (~> 1.0)
      jmespath (~> 1.0)
    aws-sdk-resources (2.7.3)
      aws-sdk-core (= 2.7.3)
    aws-sigv4 (1.0.0)
    binding.repl (3.0.0)
    builder (3.2.2)
    cd (1.0.1)
    childprocess (0.5.9)
      ffi (~> 1.0, >= 1.0.11)
    chronic (0.10.2)
    clipboard (1.1.1)
    code (0.9.1)
      coderay (~> 1.1)
      method_source (~> 0.8, >= 0.8.2)
    coderay (1.1.1)
    contracts (0.14.0)
    cucumber (2.4.0)
      builder (>= 2.1.2)
      cucumber-core (~> 1.5.0)
      cucumber-wire (~> 0.0.1)
      diff-lcs (>= 1.1.3)
      gherkin (~> 4.0)
      multi_json (>= 1.7.5, < 2.0)
      multi_test (>= 0.1.2)
    cucumber-core (1.5.0)
      gherkin (~> 4.0)
    cucumber-wire (0.0.1)
    debugging (1.1.0)
      binding.repl (~> 3.0)
      paint (>= 0.9, < 2.0)
    diff-lcs (1.2.5)
    dotenv (2.2.0)
    event-bus (0.2.3)
    every_day_irb (2.0.0)
      cd (~> 1.0)
    excon (0.54.0)
    fancy_irb (1.0.2)
      paint (>= 0.9, < 2.0)
      unicode-display_width (~> 1.0)
    ffi (1.9.14)
    fog-aws (1.2.0)
      fog-core (~> 1.38)
      fog-json (~> 1.0)
      fog-xml (~> 0.1)
      ipaddress (~> 0.8)
    fog-core (1.43.0)
      builder
      excon (~> 0.49)
      formatador (~> 0.2)
    fog-json (1.0.2)
      fog-core (~> 1.0)
      multi_json (~> 1.10)
    fog-xml (0.1.2)
      fog-core
      nokogiri (~> 1.5, >= 1.5.11)
    formatador (0.2.5)
    gherkin (4.0.0)
    gli (2.15.0)
    hashie (3.5.1)
    hirb (0.7.3)
    instance (0.2.0)
    interactive_editor (0.0.10)
      spoon (>= 0.0.1)
    ipaddress (0.8.3)
    irbtools (2.0.1)
      binding.repl (~> 3.0)
      clipboard (~> 1.0, >= 1.0.6)
      code (~> 0.9)
      coderay (~> 1.1)
      debugging (~> 1.1)
      every_day_irb (~> 2.0)
      fancy_irb (~> 1.0)
      hirb (~> 0.7, >= 0.7.3)
      instance (~> 0.2)
      interactive_editor (~> 0.0, >= 0.0.10)
      method_locator (~> 0.0, >= 0.0.4)
      methodfinder (~> 2.0)
      ori (~> 0.1.0)
      os (~> 0.9)
      paint (>= 0.9, < 2.0)
      ruby_engine (~> 1.0)
      ruby_info (~> 1.0)
      ruby_version (~> 1.0)
      wirb (~> 2.0)
    jmespath (1.3.1)
    method_locator (0.0.4)
    method_source (0.8.2)
    methodfinder (2.1.0)
    mime-types (3.1)
      mime-types-data (~> 3.2015)
    mime-types-data (3.2016.0521)
    mini_portile2 (2.1.0)
    mixlib-shellout (2.2.7)
    multi_json (1.12.1)
    multi_test (0.1.2)
    nokogiri (1.7.0.1)
      mini_portile2 (~> 2.1.0)
    ori (0.1.0)
    os (0.9.6)
    packer-client (0.1.0)
      mixlib-shellout (~> 2.2)
      os (~> 0.9)
    paint (1.0.1)
    pry (0.10.4)
      coderay (~> 1.1.0)
      method_source (~> 0.8.1)
      slop (~> 3.4)
    pry-awesome_print (9.6.11)
      awesome_print (>= 1.1.0, < 999)
      pry (>= 0.9.0, < 999)
    rake (10.5.0)
    rspec (3.5.0)
      rspec-core (~> 3.5.0)
      rspec-expectations (~> 3.5.0)
      rspec-mocks (~> 3.5.0)
    rspec-core (3.5.4)
      rspec-support (~> 3.5.0)
    rspec-expectations (3.5.0)
      diff-lcs (>= 1.2.0, < 2.0)
      rspec-support (~> 3.5.0)
    rspec-mocks (3.5.0)
      diff-lcs (>= 1.2.0, < 2.0)
      rspec-support (~> 3.5.0)
    rspec-support (3.5.0)
    ruby_engine (1.0.1)
    ruby_info (1.0.1)
    ruby_version (1.0.1)
    rugged (0.25.1.1)
    s3_uploader (0.2.3)
      fog-aws (>= 0.9.4)
      mime-types
    slop (3.6.0)
    smart_polling (1.0.0)
    spoon (0.0.6)
      ffi
    thor (0.19.1)
    typesafe_enum (0.1.7)
    unicode-display_width (1.1.3)
    wirb (2.1.0)
      paint (>= 0.9, < 2.0)
    yell (2.0.7)
    yell-adapters-syslog (2.0.2)
      yell (~> 2.0)

PLATFORMS
  ruby

DEPENDENCIES
  aruba (~> 0.11.1)
  bundler (~> 1.6)
  irbtools
  leeroy_app!
  pry (~> 0.10)
  pry-awesome_print (~> 9.6)
  rake (~> 10.0)
  rspec (~> 3.3)

BUNDLED WITH
   1.14.3
