PATH
  remote: .
  specs:
    leeroy (0.0.1)
      dotenv (~> 2.0)
      gli (~> 2.13)

GEM
  remote: https://rubygems.org/
  specs:
    coderay (1.1.0)
    dotenv (2.0.2)
    gli (2.13.4)
    method_source (0.8.2)
    pry (0.10.3)
      coderay (~> 1.1.0)
      method_source (~> 0.8.1)
      slop (~> 3.4)
    rake (10.4.2)
    slop (3.6.0)

PLATFORMS
  ruby

DEPENDENCIES
  bundler (~> 1.6)
  leeroy!
  pry (~> 0.10)
  rake (~> 10.0)

BUNDLED WITH
   1.10.5
