PATH
  remote: .
  specs:
    leeroy (0.0.1)
      awesome_print (~> 1.6)
      aws-sdk (~> 2)
      dotenv (~> 2.0)
      gli (~> 2.13)
      hashie (~> 3.4)

GEM
  remote: https://rubygems.org/
  specs:
    aruba (0.11.1)
      childprocess (~> 0.5.6)
      contracts (~> 0.9)
      cucumber (>= 1.3.19)
      event-bus (~> 0.2)
      ffi (~> 1.9.10)
      rspec-expectations (>= 2.99)
      thor (~> 0.19)
    awesome_print (1.6.1)
    aws-sdk (2.1.8)
      aws-sdk-resources (= 2.1.8)
    aws-sdk-core (2.1.8)
      jmespath (~> 1.0)
    aws-sdk-resources (2.1.8)
      aws-sdk-core (= 2.1.8)
    builder (3.2.2)
    childprocess (0.5.9)
      ffi (~> 1.0, >= 1.0.11)
    coderay (1.1.0)
    contracts (0.12.0)
    cucumber (2.1.0)
      builder (>= 2.1.2)
      cucumber-core (~> 1.3.0)
      diff-lcs (>= 1.1.3)
      gherkin3 (~> 3.1.0)
      multi_json (>= 1.7.5, < 2.0)
      multi_test (>= 0.1.2)
    cucumber-core (1.3.1)
      gherkin3 (~> 3.1.0)
    diff-lcs (1.2.5)
    dotenv (2.0.2)
    event-bus (0.2.3)
    ffi (1.9.10)
    gherkin3 (3.1.2)
    gli (2.13.4)
    hashie (3.4.3)
    jmespath (1.1.3)
    method_source (0.8.2)
    multi_json (1.11.2)
    multi_test (0.1.2)
    pry (0.10.3)
      coderay (~> 1.1.0)
      method_source (~> 0.8.1)
      slop (~> 3.4)
    pry-awesome_print (9.6.10)
      awesome_print (>= 1.1.0, < 999)
      pry (>= 0.9.0, < 999)
    rake (10.4.2)
    rspec (3.4.0)
      rspec-core (~> 3.4.0)
      rspec-expectations (~> 3.4.0)
      rspec-mocks (~> 3.4.0)
    rspec-core (3.4.1)
      rspec-support (~> 3.4.0)
    rspec-expectations (3.4.0)
      diff-lcs (>= 1.2.0, < 2.0)
      rspec-support (~> 3.4.0)
    rspec-mocks (3.4.1)
      diff-lcs (>= 1.2.0, < 2.0)
      rspec-support (~> 3.4.0)
    rspec-support (3.4.1)
    slop (3.6.0)
    thor (0.19.1)

PLATFORMS
  ruby

DEPENDENCIES
  aruba (~> 0.11.1)
  bundler (~> 1.6)
  leeroy!
  pry (~> 0.10)
  pry-awesome_print (~> 9.6)
  rake (~> 10.0)
  rspec (~> 3.3)

BUNDLED WITH
   1.10.5
